GIT
  remote: https://github.com/solnic/middleman-docsite
  revision: c39d6917c9eaf568e5c1405417e6d446879c2c95
  branch: doc-importer
  specs:
    middleman-docsite (0.1.0)
      dry-configurable (~> 0.8)
      dry-struct (~> 1.0)
      dry-types (~> 1.1)
      middleman-core (= 5.0.0.rc.1)
      redcarpet (~> 3.5)
      tilt (~> 2.0)

GEM
  remote: https://rubygems.org/
  specs:
    activesupport (5.2.3)
      concurrent-ruby (~> 1.0, >= 1.0.2)
      i18n (>= 0.7, < 2)
      minitest (~> 5.1)
      tzinfo (~> 1.1)
    addressable (2.7.0)
      public_suffix (>= 2.0.2, < 5.0)
    backports (3.15.0)
    better_errors (2.5.1)
      coderay (>= 1.0.0)
      erubi (>= 1.0.0)
      rack (>= 0.9.0)
    binding_of_caller (0.8.0)
      debug_inspector (>= 0.0.1)
    builder (3.2.3)
    byebug (11.0.1)
    coderay (1.1.2)
    coffee-script (2.4.1)
      coffee-script-source
      execjs
    coffee-script-source (1.12.2)
    concurrent-ruby (1.1.5)
    contracts (0.16.0)
    crass (1.0.4)
    debug_inspector (0.0.3)
    dotenv (2.7.5)
    dry-configurable (0.8.3)
      concurrent-ruby (~> 1.0)
      dry-core (~> 0.4, >= 0.4.7)
    dry-container (0.7.2)
      concurrent-ruby (~> 1.0)
      dry-configurable (~> 0.1, >= 0.1.3)
    dry-core (0.4.9)
      concurrent-ruby (~> 1.0)
    dry-equalizer (0.2.2)
    dry-inflector (0.1.2)
    dry-initializer (3.0.1)
    dry-logic (1.0.3)
      concurrent-ruby (~> 1.0)
      dry-core (~> 0.2)
      dry-equalizer (~> 0.2)
    dry-struct (1.0.0)
      dry-core (~> 0.4, >= 0.4.3)
      dry-equalizer (~> 0.2)
      dry-types (~> 1.0)
      ice_nine (~> 0.11)
    dry-types (1.1.1)
      concurrent-ruby (~> 1.0)
      dry-container (~> 0.3)
      dry-core (~> 0.4, >= 0.4.4)
      dry-equalizer (~> 0.2, >= 0.2.2)
      dry-inflector (~> 0.1, >= 0.1.2)
      dry-logic (~> 1.0, >= 1.0.2)
    erubi (1.8.0)
    erubis (2.7.0)
    execjs (2.7.0)
    fastimage (2.1.7)
    ffi (1.11.1)
    haml (5.1.2)
      temple (>= 0.8.0)
      tilt
    hamster (3.0.0)
      concurrent-ruby (~> 1.0)
    hashie (3.6.0)
    hashugar (1.0.1)
    htmlcompressor (0.2.0)
    i18n (0.9.5)
      concurrent-ruby (~> 1.0)
    ice_nine (0.11.2)
    jbuilder (2.9.1)
      activesupport (>= 4.2.0)
    kramdown (1.17.0)
    lazy_priority_queue (0.1.1)
    listen (3.2.0)
      rb-fsevent (~> 0.10, >= 0.10.3)
      rb-inotify (~> 0.9, >= 0.9.10)
    memoist (0.16.0)
    middleman (5.0.0.rc.1)
      coffee-script (~> 2.2)
      haml (>= 4.0.5)
      kramdown (~> 1.2)
      middleman-cli (= 5.0.0.rc.1)
      middleman-core (= 5.0.0.rc.1)
    middleman-blog (4.0.3)
      addressable (~> 2.3)
      middleman-core (>= 4.0.0)
      tzinfo (>= 0.3.0)
    middleman-cli (5.0.0.rc.1)
      thor (>= 0.17.0, < 2.0)
    middleman-core (5.0.0.rc.1)
      activesupport (~> 5.2)
      addressable (~> 2.3)
      backports (~> 3.11)
      bundler
      contracts (~> 0.16.0)
      dotenv
      erubis
      execjs (~> 2.0)
      fastimage (~> 2.0)
      hamster (~> 3.0)
      hashie (~> 3.4)
      i18n (~> 0.9.0)
      listen (~> 3.0)
      memoist (~> 0.14)
      oj (~> 3.7)
      padrino-helpers (~> 0.14.4)
      parallel
      rack (>= 1.4.5, < 3)
      rgl (~> 0.5.3)
      sassc (~> 2.0)
      servolux
      tilt (~> 2.0.9)
      uglifier (~> 4.1)
    middleman-dotenv (2.0.0)
      dotenv (>= 2.0)
      middleman-core (>= 4.0)
    middleman-minify-html (3.4.1)
      htmlcompressor (~> 0.2.0)
      middleman-core (>= 3.2)
    middleman-syntax (3.2.0)
      middleman-core (>= 3.2)
      rouge (~> 3.2)
    mime-types (3.2.2)
      mime-types-data (~> 3.2015)
    mime-types-data (3.2019.0331)
    mini_portile2 (2.4.0)
    minitest (5.12.2)
    nio4r (2.4.0)
    nokogiri (1.10.4)
      mini_portile2 (~> 2.4.0)
    nokogumbo (2.0.1)
      nokogiri (~> 1.8, >= 1.8.4)
    oj (3.9.2)
    padrino-helpers (0.14.4)
      i18n (~> 0.6, >= 0.6.7)
      padrino-support (= 0.14.4)
      tilt (>= 1.4.1, < 3)
    padrino-support (0.14.4)
    parallel (1.17.0)
    public_suffix (4.0.1)
    puma (4.1.0)
      nio4r (~> 2.0)
    rack (2.0.7)
    rack-contrib (2.1.0)
      rack (~> 2.0)
    rake (12.3.3)
    rb-fsevent (0.10.3)
    rb-inotify (0.10.0)
      ffi (~> 1.0)
    redcarpet (3.5.0)
    rgl (0.5.6)
      lazy_priority_queue (~> 0.1.0)
      stream (~> 0.5.2)
    rouge (3.9.0)
    sanitize (5.0.0)
      crass (~> 1.0.2)
      nokogiri (>= 1.8.0)
      nokogumbo (~> 2.0)
    sassc (2.2.1)
      ffi (~> 1.9)
    servolux (0.13.0)
    slim (4.0.1)
      temple (>= 0.7.6, < 0.9)
      tilt (>= 2.0.6, < 2.1)
    stream (0.5.2)
    temple (0.8.1)
    thor (0.20.3)
    thread_safe (0.3.6)
    tilt (2.0.10)
    tilt-jbuilder (0.7.1)
      jbuilder
      tilt (>= 1.3.0, < 3)
    tzinfo (1.2.5)
      thread_safe (~> 0.1)
    uglifier (4.2.0)
      execjs (>= 0.3.0, < 3)

PLATFORMS
  ruby

DEPENDENCIES
  activesupport
  better_errors
  binding_of_caller
  builder (~> 3.0)
  byebug
  dry-initializer
  hashugar
  middleman (= 5.0.0.rc.1)
  middleman-blog
  middleman-docsite!
  middleman-dotenv
  middleman-minify-html
  middleman-syntax
  mime-types
  puma
  rack
  rack-contrib
  rake
  redcarpet
  sanitize
  slim
  tilt-jbuilder
  tzinfo

BUNDLED WITH
   1.17.3
